GEM
  remote: https://rubygems.org/
  specs:
    addressable (2.3.6)
    dotenv (0.7.0)
    faraday (0.9.0)
      multipart-post (>= 1.2, < 3)
    foreman (0.67.0)
      dotenv (~> 0.7.0)
      thor (~> 0.17.0)
    keen (0.8.2)
      addressable (~> 2.3.5)
      multi_json (~> 1.3)
    multi_json (1.10.1)
    multipart-post (2.0.0)
    octokit (3.2.0)
      sawyer (~> 0.5.3)
    rake (10.3.2)
    sawyer (0.5.4)
      addressable (~> 2.3.5)
      faraday (~> 0.8, < 0.10)
    thor (0.17.0)

PLATFORMS
  ruby

DEPENDENCIES
  foreman
  keen
  octokit
  rake
